PATH
  remote: .
  specs:
    prun-ops (0.3.8)
      capistrano
      capistrano-rails
      capistrano-rvm
      capistrano3-puma
      newrelic_rpm

GEM
  remote: https://rubygems.org/
  specs:
    airbrussh (1.5.3)
      sshkit (>= 1.6.1, != 1.7.0)
    capistrano (3.19.2)
      airbrussh (>= 1.0.0)
      i18n
      rake (>= 10.0.0)
      sshkit (>= 1.9.0)
    capistrano-bundler (2.1.1)
      capistrano (~> 3.1)
    capistrano-rails (1.7.0)
      capistrano (~> 3.1)
      capistrano-bundler (>= 1.1, < 3)
    capistrano-rvm (0.1.2)
      capistrano (~> 3.0)
      sshkit (~> 1.2)
    capistrano3-puma (3.1.1)
      capistrano (~> 3.7)
      capistrano-bundler
      puma (~> 3.4)
    concurrent-ruby (1.1.9)
    i18n (1.5.1)
      concurrent-ruby (~> 1.0)
    mutex_m (0.1.2)
    net-scp (4.1.0)
      net-ssh (>= 2.6.5, < 8.0.0)
    net-sftp (2.1.2)
      net-ssh (>= 2.6.5)
    net-ssh (4.2.0)
    newrelic_rpm (8.2.0)
    puma (3.11.4)
    rake (10.3.2)
    sshkit (1.22.0)
      mutex_m
      net-scp (>= 1.1.2)
      net-sftp (>= 2.1.2)
      net-ssh (>= 2.8.0)

PLATFORMS
  ruby

DEPENDENCIES
  bundler
  prun-ops!
  rake

BUNDLED WITH
   1.17.3
